GEM
  remote: https://rubygems.org/
  specs:
    thread (0.2.2)

PLATFORMS
  ruby

DEPENDENCIES
  thread (~> 0.2.2)!

BUNDLED WITH
   2.0.1
